GEM
  remote: http://rubygems.org/
  specs:
    evernote-thrift (1.23.1)

PLATFORMS
  ruby

DEPENDENCIES
  evernote-thrift
